GIT
  remote: git://github.com/IcaliaLabs/sabisu-rails.git
  revision: af7499e87912dc7d23a73c562ac9aa2c1f1da35f
  specs:
    sabisu_rails (0.0.2.beta)
      actionpack (~> 4.0)
      activemodel (~> 4.0)
      httparty (~> 0.13)

GIT
  remote: git://github.com/heroku/rails3_serve_static_assets.git
  revision: 84910ceb4ca2851d650e66d3b22f5008acf253f8
  specs:
    rails3_serve_static_assets (0.0.1)

GIT
  remote: git://github.com/heroku/rails_log_stdout.git
  revision: f9a92758f2d5dca5a88bf899a83256302f16ab6c
  specs:
    rails_log_stdout (0.0.1)

GIT
  remote: git://github.com/rails-api/active_model_serializers.git
  revision: a7c8c60929ec1de61f5becc8a7126d8b37c1e8d7
  branch: 0-10-stable
  specs:
    active_model_serializers (0.10.0.rc2)
      activemodel (>= 4.0)

GEM
  remote: https://rubygems.org/
  specs:
    actionmailer (4.2.1)
      actionpack (= 4.2.1)
      actionview (= 4.2.1)
      activejob (= 4.2.1)
      mail (~> 2.5, >= 2.5.4)
      rails-dom-testing (~> 1.0, >= 1.0.5)
    actionpack (4.2.1)
      actionview (= 4.2.1)
      activesupport (= 4.2.1)
      rack (~> 1.6)
      rack-test (~> 0.6.2)
      rails-dom-testing (~> 1.0, >= 1.0.5)
      rails-html-sanitizer (~> 1.0, >= 1.0.1)
    actionview (4.2.1)
      activesupport (= 4.2.1)
      builder (~> 3.1)
      erubis (~> 2.7.0)
      rails-dom-testing (~> 1.0, >= 1.0.5)
      rails-html-sanitizer (~> 1.0, >= 1.0.1)
    activejob (4.2.1)
      activesupport (= 4.2.1)
      globalid (>= 0.3.0)
    activemodel (4.2.1)
      activesupport (= 4.2.1)
      builder (~> 3.1)
    activerecord (4.2.1)
      activemodel (= 4.2.1)
      activesupport (= 4.2.1)
      arel (~> 6.0)
    activesupport (4.2.1)
      i18n (~> 0.7)
      json (~> 1.7, >= 1.7.7)
      minitest (~> 5.1)
      thread_safe (~> 0.3, >= 0.3.4)
      tzinfo (~> 1.1)
    arel (6.0.2)
    bcrypt (3.1.10)
    builder (3.2.2)
    chronic (0.10.2)
    chunky_png (1.3.4)
    climate_control (0.0.3)
      activesupport (>= 3.0)
    cocaine (0.5.7)
      climate_control (>= 0.0.3, < 1.0)
    coffee-rails (4.1.0)
      coffee-script (>= 2.2.0)
      railties (>= 4.0.0, < 5.0)
    coffee-script (2.4.1)
      coffee-script-source
      execjs
    coffee-script-source (1.9.1.1)
    compass (1.0.3)
      chunky_png (~> 1.2)
      compass-core (~> 1.0.2)
      compass-import-once (~> 1.0.5)
      rb-fsevent (>= 0.9.3)
      rb-inotify (>= 0.9)
      sass (>= 3.3.13, < 3.5)
    compass-core (1.0.3)
      multi_json (~> 1.0)
      sass (>= 3.3.0, < 3.5)
    compass-import-once (1.0.5)
      sass (>= 3.2, < 3.5)
    compass-rails (2.0.4)
      compass (~> 1.0.0)
      sass-rails (<= 5.0.1)
      sprockets (< 2.13)
    devise (3.5.1)
      bcrypt (~> 3.0)
      orm_adapter (~> 0.1)
      railties (>= 3.2.6, < 5)
      responders
      thread_safe (~> 0.1)
      warden (~> 1.2.3)
    diff-lcs (1.2.5)
    erubis (2.7.0)
    execjs (2.5.2)
    factory_girl (4.5.0)
      activesupport (>= 3.0.0)
    factory_girl_rails (4.5.0)
      factory_girl (~> 4.5.0)
      railties (>= 3.0.0)
    ffaker (2.1.0)
    ffi (1.9.10)
    font-awesome-rails (4.4.0.0)
      railties (>= 3.2, < 5.0)
    furatto (1.5.0)
      compass-rails (~> 2.0, >= 2.0.4)
    geocoder (1.2.9)
    globalid (0.3.5)
      activesupport (>= 4.1.0)
    hike (1.2.3)
    httparty (0.13.5)
      json (~> 1.8)
      multi_xml (>= 0.5.2)
    i18n (0.7.0)
    jbuilder (2.3.1)
      activesupport (>= 3.0.0, < 5)
      multi_json (~> 1.2)
    jquery-rails (4.0.4)
      rails-dom-testing (~> 1.0)
      railties (>= 4.2.0)
      thor (>= 0.14, < 2.0)
    json (1.8.3)
    kgio (2.9.3)
    loofah (2.0.2)
      nokogiri (>= 1.5.9)
    mail (2.6.3)
      mime-types (>= 1.16, < 3)
    metaclass (0.0.4)
    mime-types (2.6.1)
    mimemagic (0.3.0)
    mini_portile (0.6.2)
    minitest (5.7.0)
    mocha (1.1.0)
      metaclass (~> 0.0.1)
    multi_json (1.11.2)
    multi_xml (0.5.5)
    nokogiri (1.6.6.2)
      mini_portile (~> 0.6.0)
    orm_adapter (0.5.0)
    paperclip (4.3.1)
      activemodel (>= 3.2.0)
      activesupport (>= 3.2.0)
      cocaine (~> 0.5.5)
      mime-types
      mimemagic (= 0.3.0)
    pg (0.18.2)
    puma (2.12.3)
    rack (1.6.4)
    rack-test (0.6.3)
      rack (>= 1.0)
    rails (4.2.1)
      actionmailer (= 4.2.1)
      actionpack (= 4.2.1)
      actionview (= 4.2.1)
      activejob (= 4.2.1)
      activemodel (= 4.2.1)
      activerecord (= 4.2.1)
      activesupport (= 4.2.1)
      bundler (>= 1.3.0, < 2.0)
      railties (= 4.2.1)
      sprockets-rails
    rails-deprecated_sanitizer (1.0.3)
      activesupport (>= 4.2.0.alpha)
    rails-dom-testing (1.0.6)
      activesupport (>= 4.2.0.beta, < 5.0)
      nokogiri (~> 1.6.0)
      rails-deprecated_sanitizer (>= 1.0.1)
    rails-html-sanitizer (1.0.2)
      loofah (~> 2.0)
    rails_12factor (0.0.3)
      rails_serve_static_assets
      rails_stdout_logging
    rails_serve_static_assets (0.0.4)
    rails_stdout_logging (0.0.3)
    railties (4.2.1)
      actionpack (= 4.2.1)
      activesupport (= 4.2.1)
      rake (>= 0.8.7)
      thor (>= 0.18.1, < 2.0)
    raindrops (0.15.0)
    rake (10.4.2)
    rb-fsevent (0.9.5)
    rb-inotify (0.9.5)
      ffi (>= 0.5.0)
    rdoc (4.2.0)
    rename (1.0.2)
      rails (>= 3.0.0)
    responders (2.1.0)
      railties (>= 4.2.0, < 5)
    rspec-core (3.3.2)
      rspec-support (~> 3.3.0)
    rspec-expectations (3.3.1)
      diff-lcs (>= 1.2.0, < 2.0)
      rspec-support (~> 3.3.0)
    rspec-mocks (3.3.2)
      diff-lcs (>= 1.2.0, < 2.0)
      rspec-support (~> 3.3.0)
    rspec-rails (3.3.3)
      actionpack (>= 3.0, < 4.3)
      activesupport (>= 3.0, < 4.3)
      railties (>= 3.0, < 4.3)
      rspec-core (~> 3.3.0)
      rspec-expectations (~> 3.3.0)
      rspec-mocks (~> 3.3.0)
      rspec-support (~> 3.3.0)
    rspec-support (3.3.0)
    sass (3.4.16)
    sass-rails (5.0.1)
      railties (>= 4.0.0, < 5.0)
      sass (~> 3.1)
      sprockets (>= 2.8, < 4.0)
      sprockets-rails (>= 2.0, < 4.0)
      tilt (~> 1.1)
    sdoc (0.4.1)
      json (~> 1.7, >= 1.7.7)
      rdoc (~> 4.0)
    shoulda-matchers (2.8.0)
      activesupport (>= 3.0.0)
    simple_form (3.1.0)
      actionpack (~> 4.0)
      activemodel (~> 4.0)
    sprockets (2.12.4)
      hike (~> 1.2)
      multi_json (~> 1.0)
      rack (~> 1.0)
      tilt (~> 1.1, != 1.3.0)
    sprockets-rails (2.3.2)
      actionpack (>= 3.0)
      activesupport (>= 3.0)
      sprockets (>= 2.8, < 4.0)
    sqlite3 (1.3.10)
    thor (0.19.1)
    thread_safe (0.3.5)
    tilt (1.4.1)
    turbolinks (2.5.3)
      coffee-rails
    tzinfo (1.2.2)
      thread_safe (~> 0.1)
    uglifier (2.7.1)
      execjs (>= 0.3.0)
      json (>= 1.8.0)
    unicorn (4.9.0)
      kgio (~> 2.6)
      rack
      raindrops (~> 0.7)
    warden (1.2.3)
      rack (>= 1.0)
    whenever (0.9.4)
      chronic (>= 0.6.3)

PLATFORMS
  ruby

DEPENDENCIES
  active_model_serializers!
  coffee-rails (~> 4.1.0)
  compass-rails (~> 2.0.2)
  devise
  factory_girl_rails
  ffaker
  font-awesome-rails
  furatto
  geocoder
  jbuilder (~> 2.0)
  jquery-rails
  mocha
  paperclip (~> 4.3)
  pg
  puma
  rails (= 4.2.1)
  rails3_serve_static_assets!
  rails_12factor
  rails_log_stdout!
  rename
  rspec-rails (~> 3.1)
  sabisu_rails!
  sass-rails (~> 5.0)
  sdoc (~> 0.4.0)
  shoulda-matchers
  simple_form
  sqlite3
  turbolinks
  uglifier (>= 1.3.0)
  unicorn
  whenever

BUNDLED WITH
   1.10.6
